GIT
  remote: git@github.com:cnemeth/RubyTree.git
  revision: 7eb24161838d60d8b64882cf2d4f455eb3009d9b
  specs:
    rubytree (0.9.7)
      json (~> 2.0)
      structured_warnings (~> 0.2)

PATH
  remote: .
  specs:
    minefield (0.0.1)
      rubytree

GEM
  remote: https://rubygems.org/
  specs:
    awesome_print (1.7.0)
    byebug (9.0.6)
    coderay (1.1.1)
    diff-lcs (1.2.5)
    docile (1.1.5)
    faker (1.6.0)
      i18n (~> 0.5)
    ffi (1.9.14)
    formatador (0.2.5)
    guard (2.14.0)
      formatador (>= 0.2.4)
      listen (>= 2.7, < 4.0)
      lumberjack (~> 1.0)
      nenv (~> 0.1)
      notiffany (~> 0.0)
      pry (>= 0.9.12)
      shellany (~> 0.0)
      thor (>= 0.18.1)
    guard-compat (1.2.1)
    guard-rspec (4.7.0)
      guard (~> 2.1)
      guard-compat (~> 1.1)
      rspec (>= 2.99.0, < 4.0)
    i18n (0.7.0)
    json (2.0.2)
    listen (3.1.5)
      rb-fsevent (~> 0.9, >= 0.9.4)
      rb-inotify (~> 0.9, >= 0.9.7)
      ruby_dep (~> 1.2)
    lumberjack (1.0.10)
    method_source (0.8.2)
    nenv (0.3.0)
    notiffany (0.1.1)
      nenv (~> 0.1)
      shellany (~> 0.0)
    pry (0.10.4)
      coderay (~> 1.1.0)
      method_source (~> 0.8.1)
      slop (~> 3.4)
    pry-byebug (3.4.1)
      byebug (~> 9.0)
      pry (~> 0.10)
    rake (11.3.0)
    rb-fsevent (0.9.8)
    rb-inotify (0.9.7)
      ffi (>= 0.5.0)
    rspec (3.5.0)
      rspec-core (~> 3.5.0)
      rspec-expectations (~> 3.5.0)
      rspec-mocks (~> 3.5.0)
    rspec-core (3.5.4)
      rspec-support (~> 3.5.0)
    rspec-expectations (3.5.0)
      diff-lcs (>= 1.2.0, < 2.0)
      rspec-support (~> 3.5.0)
    rspec-mocks (3.5.0)
      diff-lcs (>= 1.2.0, < 2.0)
      rspec-support (~> 3.5.0)
    rspec-support (3.5.0)
    ruby_dep (1.5.0)
    shellany (0.0.1)
    simplecov (0.12.0)
      docile (~> 1.1.0)
      json (>= 1.8, < 3)
      simplecov-html (~> 0.10.0)
    simplecov-html (0.10.0)
    slop (3.6.0)
    structured_warnings (0.2.0)
    thor (0.19.4)
    timecop (0.8.1)

PLATFORMS
  ruby

DEPENDENCIES
  awesome_print (~> 1.7)
  bundler (~> 1.13)
  faker (= 1.6)
  guard (= 2.14)
  guard-rspec (= 4.7)
  minefield!
  pry (~> 0.10)
  pry-byebug (~> 3.4)
  rake (~> 11.3)
  rspec (= 3.5)
  rubytree!
  simplecov (~> 0.12)
  timecop (~> 0.8)

BUNDLED WITH
   1.13.6
